PATH
  remote: .
  specs:
    mcake (0.0.1)
      adamantium (~> 0.2.0)
      anima (~> 0.3.2)
      variable (~> 0.0.1)

GEM
  remote: https://rubygems.org/
  specs:
    abstract_type (0.0.7)
    adamantium (0.2.0)
      ice_nine (~> 0.11.0)
      memoizable (~> 0.4.0)
    anima (0.3.2)
      abstract_type (~> 0.0.7)
      adamantium (~> 0.2)
      equalizer (~> 0.0.11)
    ast (2.4.2)
    diff-lcs (1.5.1)
    equalizer (0.0.11)
    ice_nine (0.11.2)
    memoizable (0.4.2)
      thread_safe (~> 0.3, >= 0.3.1)
    mutant (0.12.4)
      diff-lcs (~> 1.3)
      parser (~> 3.3.0)
      regexp_parser (~> 2.9.0)
      sorbet-runtime (~> 0.5.0)
      unparser (~> 0.6.14)
    parser (3.3.4.2)
      ast (~> 2.4.1)
      racc
    racc (1.8.1)
    regexp_parser (2.9.2)
    sorbet-runtime (0.5.11520)
    thread_safe (0.3.6)
    unparser (0.6.15)
      diff-lcs (~> 1.3)
      parser (>= 3.3.0)
    variable (0.0.1)
      equalizer (~> 0.0.11)

PLATFORMS
  ruby
  x86_64-linux

DEPENDENCIES
  mcake!
  mutant (~> 0.12.4)

BUNDLED WITH
   2.5.9
